GEM
  remote: https://rubygems.org/
  specs:
    ethon (0.16.0)
      ffi (>= 1.15.0)
    ffi (1.15.5)
    hashie (5.0.0)
    json (2.6.2)
    oauth (1.1.0)
      oauth-tty (~> 1.0, >= 1.0.1)
      snaky_hash (~> 2.0)
      version_gem (~> 1.1)
    oauth-tty (1.0.5)
      version_gem (~> 1.1, >= 1.1.1)
    snaky_hash (2.0.1)
      hashie
      version_gem (~> 1.1, >= 1.1.1)
    typhoeus (1.4.0)
      ethon (>= 0.9.0)
    version_gem (1.1.1)

PLATFORMS
  ruby

DEPENDENCIES
  json
  oauth
  typhoeus

RUBY VERSION
   ruby 2.7.6p219

BUNDLED WITH
   2.1.4
